GEM
  remote: https://rubygems.org/
  specs:
    daemons (1.1.9)
    eventmachine (0.12.10)
    haml (3.1.6)
    json (1.7.4)
    pg (0.14.1)
    rack (1.4.1)
    rack-protection (1.2.0)
      rack
    sequel (3.38.0)
    sinatra (1.3.3)
      rack (~> 1.3, >= 1.3.6)
      rack-protection (~> 1.2)
      tilt (~> 1.3, >= 1.3.3)
    sinatra-sequel (0.9.0)
      sequel (>= 3.2.0)
      sinatra (>= 0.9.4)
    thin (1.4.1)
      daemons (>= 1.0.9)
      eventmachine (>= 0.12.6)
      rack (>= 1.0.0)
    tilt (1.3.3)

PLATFORMS
  ruby

DEPENDENCIES
  haml
  json
  pg
  sequel
  sinatra
  sinatra-sequel
  thin
